GEM
  remote: https://rubygems.org/
  specs:
    mini_magick (4.10.1)
    rack (2.2.3)

PLATFORMS
  ruby

DEPENDENCIES
  mini_magick (~> 4.10)
  rack

RUBY VERSION
   ruby 2.6.6p146

BUNDLED WITH
   2.1.4
