GEM
  remote: https://rubygems.org/
  specs:
    mini_magick (4.11.0)
    nio4r (2.5.3)
    puma (4.3.6)
      nio4r (~> 2.0)
    rack (2.2.3)

PLATFORMS
  ruby

DEPENDENCIES
  mini_magick (~> 4.10)
  puma
  rack

RUBY VERSION
   ruby 3.1.4p223

BUNDLED WITH
   2.4.12
